PATH
  remote: .
  specs:
    flickr.rb (1.2.0)
      xml-simple (>= 1.0.7)

GEM
  remote: https://rubygems.org/
  specs:
    metaclass (0.0.4)
    mocha (1.0.0)
      metaclass (~> 0.0.1)
    rake (10.1.1)
    rdoc (4.0.0)
    xml-simple (1.1.3)

PLATFORMS
  ruby

DEPENDENCIES
  flickr.rb!
  mocha
  rake
  rdoc
